PATH
  remote: .
  specs:
    ruby_for_grafana_loki (0.0.3)
      faraday (~> 2.6)
      zeitwerk (~> 2.4)

GEM
  remote: https://rubygems.org/
  specs:
    base64 (0.2.0)
    faraday (2.7.11)
      base64
      faraday-net_http (>= 2.0, < 3.1)
      ruby2_keywords (>= 0.0.4)
    faraday-net_http (3.0.2)
    ruby2_keywords (0.0.5)
    zeitwerk (2.6.12)

PLATFORMS
  x86_64-darwin-20
  x86_64-darwin-22

DEPENDENCIES
  ruby_for_grafana_loki!

BUNDLED WITH
   2.4.22
